PATH
  remote: .
  specs:
    fwd (0.4.0)
      connection_pool
      eventmachine-le
      io_splice
      servolux

GEM
  remote: https://rubygems.org/
  specs:
    connection_pool (1.0.0)
    diff-lcs (1.2.1)
    eventmachine-le (1.1.4)
    io_splice (4.2.0)
    rake (10.0.3)
    rspec (2.13.0)
      rspec-core (~> 2.13.0)
      rspec-expectations (~> 2.13.0)
      rspec-mocks (~> 2.13.0)
    rspec-core (2.13.0)
    rspec-expectations (2.13.0)
      diff-lcs (>= 1.1.3, < 2.0)
    rspec-mocks (2.13.0)
    servolux (0.10.0)
    yard (0.8.5.2)

PLATFORMS
  ruby

DEPENDENCIES
  bundler
  fwd!
  rake
  rspec
  yard
